GEM
  remote: https://rubygems.org/
  specs:
    appsignal (3.3.0)
      rack
    bundle-audit (0.1.0)
      bundler-audit
    bundler-audit (0.9.1)
      bundler (>= 1.2.0, < 3)
      thor (~> 1.0)
    psych (5.0.1)
      stringio
    rack (3.0.4.1)
    stringio (3.0.4)
    thor (1.2.1)

PLATFORMS
  ruby

DEPENDENCIES
  appsignal (= 3.3.0)
  bundle-audit
  psych (= 5.0.1)

BUNDLED WITH
   2.4.1
