GEM
  remote: https://rubygems.org/
  specs:
    appsignal (3.3.0)
      rack
    psych (5.0.1)
      stringio
    rack (3.0.3)
    stringio (3.0.4)

PLATFORMS
  x86_64-darwin-21

DEPENDENCIES
  appsignal (= 3.3.0)
  psych (= 5.0.1)

BUNDLED WITH
   2.4.1
